GIT
  remote: https://github.com/drn/bundler-locals-issue-gem
  revision: abcdefghijklmnopqrsuvwxyz123456789000000
  branch: TA-1000
  specs:
    bundler-locals-issue (0.0.1)

GEM
  remote: http://rubygems.org/
  specs:

PLATFORMS
  ruby

DEPENDENCIES
  bundler-locals-issue!

BUNDLED WITH
   1.12.4
